GIT
  remote: git://github.com/chriseppstein/compass
  revision: 1724d70bd9c77aff31dc1c6e596e8b476fc7a656
  branch: master
  specs:
    compass (0.13.alpha.0.1724d70)
      chunky_png (~> 1.2)
      listen (~> 0.5.3)
      sass (~> 3.2.0.alpha.93)

GEM
  remote: http://rubygems.org/
  specs:
    breakpoint (1.3)
      compass (>= 0.12.1)
      sass (>= 3.2.0)
    chunky_png (1.2.6)
    compass-css-arrow (0.0.3)
      compass (>= 0.11)
    compass-rgbapng (0.1.1)
      chunky_png (>= 0.8.0)
      compass (>= 0.10.0)
    listen (0.5.3)
    modular-scale (1.0.2)
      compass (>= 0.11.5)
      sassy-math (>= 1.2)
    rb-fsevent (0.9.2)
    sass (3.2.2)
    sassy-math (1.2)
      compass (~> 0.11)
    susy (1.0.5.alpha.0)
      compass (>= 0.12.2)
      sass (>= 3.2.0)

PLATFORMS
  ruby

DEPENDENCIES
  breakpoint (~> 1.2)
  chunky_png (~> 1.2.6)
  compass!
  compass-css-arrow (~> 0.0.3)
  compass-rgbapng (~> 0.1.1)
  modular-scale (~> 1.0.2)
  rb-fsevent (~> 0.9.1)
  sass (~> 3.2.1)
  susy (~> 1.0.5.alpha.0)
