GIT
  remote: git://github.com/chriseppstein/compass
  revision: 63c13e64fe7a04dd923e8f4166f445d614b23614
  branch: master
  specs:
    compass (0.13.alpha.4.63c13e6)
      chunky_png (~> 1.2)
      listen (~> 1.0.0)
      sass (>= 3.2.5, < 3.4)

GIT
  remote: git://github.com/ericam/accoutrement
  revision: c9265399900c619191bc79cc5987a34ade747b50
  branch: master
  specs:
    accoutrement (0.0.5)
      compass (>= 0.12.2)

GIT
  remote: git://github.com/ericam/susy
  revision: e31b53b64aec7f603f11f1d9edd68ed9a0aeb7c9
  branch: master
  specs:
    susy (1.0.9)
      compass (>= 0.12.2)
      sass (>= 3.2.0)

GEM
  remote: http://rubygems.org/
  specs:
    breakpoint (2.0.6)
      compass (>= 0.12.1)
      sass (>= 3.2.0)
    chunky_png (1.2.8)
    ffi (1.9.0)
    listen (1.0.3)
      rb-fsevent (>= 0.9.3)
      rb-inotify (>= 0.9)
      rb-kqueue (>= 0.2)
    modular-scale (1.0.6)
      compass (>= 0.12.1)
      sass (>= 3.2.0)
      sassy-math (>= 1.5)
    rb-fsevent (0.9.3)
    rb-inotify (0.9.1)
      ffi (>= 0.5.0)
    rb-kqueue (0.2.0)
      ffi (>= 0.5.0)
    sass (3.2.10)
    sassy-math (1.5)
      compass (~> 0.11)

PLATFORMS
  ruby

DEPENDENCIES
  accoutrement!
  breakpoint (~> 2.0.6)
  compass!
  modular-scale (~> 1.0.6)
  sass (~> 3.2.10)
  susy!
