GIT
  remote: git://github.com/chriseppstein/compass
  revision: b868089aaf97a9a9b9db52946f86330bde003a80
  branch: master
  specs:
    compass (0.13.alpha.2.b868089)
      chunky_png (~> 1.2)
      listen (<= 0.9.9)
      sass (~> 3.2.5)

GIT
  remote: git://github.com/ericam/accoutrement
  revision: 92b0099dd21f0a2238bea582c2559dc71cdddd82
  branch: master
  specs:
    accoutrement (0.0.5)
      compass (>= 0.12.2)

GIT
  remote: git://github.com/ericam/susy
  revision: 2e3aad6aa2e3d40838b66520e8d141feebc2f2eb
  branch: master
  specs:
    susy (1.0.6)
      compass (>= 0.12.2)
      sass (>= 3.2.0)

GEM
  remote: http://rubygems.org/
  specs:
    breakpoint (1.3)
      compass (>= 0.12.1)
      sass (>= 3.2.0)
    chunky_png (1.2.7)
    listen (0.7.3)
    modular-scale (1.0.6)
      compass (>= 0.12.1)
      sass (>= 3.2.0)
      sassy-math (>= 1.5)
    rb-fsevent (0.9.3)
    sass (3.2.7)
    sassy-math (1.5)
      compass (~> 0.11)

PLATFORMS
  ruby

DEPENDENCIES
  accoutrement!
  breakpoint (~> 1.3)
  chunky_png (~> 1.2.6)
  compass!
  modular-scale (~> 1.0.2)
  rb-fsevent (~> 0.9.1)
  sass (~> 3.2.3)
  susy!
